GIT
  remote: git://github.com/lfittl/heroku-log-parser.git
  revision: 72f18127e490c5b5018bfe944da60322e7b94350
  branch: fix-regexp
  specs:
    heroku-log-parser (0.2.2)
      logfmt

GEM
  remote: https://rubygems.org/
  specs:
    activesupport (4.2.0)
      i18n (~> 0.7)
      json (~> 1.7, >= 1.7.7)
      minitest (~> 5.1)
      thread_safe (~> 0.3, >= 0.3.4)
      tzinfo (~> 1.1)
    addressable (2.3.2)
    async-rack (0.5.1)
      rack (~> 1.1)
    em-synchrony (1.0.2)
      eventmachine (>= 1.0.0.beta.1)
    em-websocket (0.3.8)
      addressable (>= 2.1.1)
      eventmachine (>= 0.12.9)
    eventmachine (1.0.4)
    goliath (1.0.1)
      async-rack
      em-synchrony (>= 1.0.0)
      em-websocket
      eventmachine (>= 1.0.0.beta.4)
      http_parser.rb (= 0.5.3)
      log4r
      multi_json
      rack (>= 1.2.2)
      rack-contrib
      rack-respond_to
    haml (3.1.7)
    http_parser.rb (0.5.3)
    i18n (0.7.0)
    json (1.8.2)
    log4r (1.1.10)
    logfmt (0.0.7)
    minitest (5.5.1)
    multi_json (1.5.0)
    pg (0.18.1)
    rack (1.4.1)
    rack-accept-media-types (0.9)
    rack-contrib (1.1.0)
      rack (>= 0.9.1)
    rack-respond_to (0.9.8)
      rack-accept-media-types (>= 0.6)
    sequel (4.18.0)
    thread_safe (0.3.4)
    tilt (1.3.3)
    tzinfo (1.2.2)
      thread_safe (~> 0.1)

PLATFORMS
  ruby

DEPENDENCIES
  activesupport
  goliath
  haml
  heroku-log-parser!
  pg
  sequel
  tilt
