GIT
  remote: git://github.com/lfittl/heroku-log-parser.git
  revision: 08b59809b366a989b4e997090659769d6ace216b
  branch: fix-regexp
  specs:
    heroku-log-parser (0.2.2)
      logfmt

GEM
  remote: https://rubygems.org/
  specs:
    addressable (2.3.2)
    async-rack (0.5.1)
      rack (~> 1.1)
    em-synchrony (1.0.2)
      eventmachine (>= 1.0.0.beta.1)
    em-websocket (0.3.8)
      addressable (>= 2.1.1)
      eventmachine (>= 0.12.9)
    eventmachine (1.0.4)
    goliath (1.0.1)
      async-rack
      em-synchrony (>= 1.0.0)
      em-websocket
      eventmachine (>= 1.0.0.beta.4)
      http_parser.rb (= 0.5.3)
      log4r
      multi_json
      rack (>= 1.2.2)
      rack-contrib
      rack-respond_to
    haml (3.1.7)
    http_parser.rb (0.5.3)
    log4r (1.1.10)
    logfmt (0.0.7)
    multi_json (1.5.0)
    pg (0.18.1)
    rack (1.4.1)
    rack-accept-media-types (0.9)
    rack-contrib (1.1.0)
      rack (>= 0.9.1)
    rack-respond_to (0.9.8)
      rack-accept-media-types (>= 0.6)
    sequel (4.18.0)
    tilt (1.3.3)

PLATFORMS
  ruby

DEPENDENCIES
  goliath
  haml
  heroku-log-parser!
  pg
  sequel
  tilt
